GEM
  remote: https://rubygems.org/
  specs:
    PriorityQueue (0.1.2)
    actionmailer (4.1.14.2)
      actionpack (= 4.1.14.2)
      actionview (= 4.1.14.2)
      mail (~> 2.5, >= 2.5.4)
    actionpack (4.1.14.2)
      actionview (= 4.1.14.2)
      activesupport (= 4.1.14.2)
      rack (~> 1.5.2)
      rack-test (~> 0.6.2)
    actionview (4.1.14.2)
      activesupport (= 4.1.14.2)
      builder (~> 3.1)
      erubis (~> 2.7.0)
    activemodel (4.1.14.2)
      activesupport (= 4.1.14.2)
      builder (~> 3.1)
    activerecord (4.1.14.2)
      activemodel (= 4.1.14.2)
      activesupport (= 4.1.14.2)
      arel (~> 5.0.0)
    activesupport (4.1.14.2)
      i18n (~> 0.6, >= 0.6.9)
      json (~> 1.7, >= 1.7.7)
      minitest (~> 5.1)
      thread_safe (~> 0.1)
      tzinfo (~> 1.1)
    addressable (2.4.0)
    airbrake (3.1.15)
      builder
      multi_json
    arel (5.0.1.20140414130214)
    builder (3.2.2)
    capybara (2.1.0)
      mime-types (>= 1.16)
      nokogiri (>= 1.3.3)
      rack (>= 1.0.0)
      rack-test (>= 0.5.4)
      xpath (~> 2.0)
    ci_reporter (1.9.0)
      builder (>= 2.1.2)
    concurrent-ruby (1.0.1)
    crack (0.4.3)
      safe_yaml (~> 1.0.0)
    diff-lcs (1.2.5)
    docile (1.1.5)
    domain_name (0.5.25)
      unf (>= 0.0.5, < 1.0.0)
    erubis (2.7.0)
    gds-api-adapters (20.1.1)
      link_header
      lrucache (~> 0.1.1)
      null_logger
      plek
      rack-cache
      rest-client (~> 1.8.0)
    http-cookie (1.0.2)
      domain_name (~> 0.5)
    i18n (0.7.0)
    json (1.8.3)
    kgio (2.10.0)
    link_header (0.0.7)
    logstash-event (1.1.5)
    logstasher (0.4.8)
      logstash-event (~> 1.1.0)
    lrucache (0.1.4)
      PriorityQueue (~> 0.1.2)
    mail (2.6.3)
      mime-types (>= 1.16, < 3)
    mime-types (2.99.1)
    mini_portile2 (2.0.0)
    minitest (5.5.1)
    multi_json (1.11.2)
    netrc (0.11.0)
    nokogiri (1.6.7.2)
      mini_portile2 (~> 2.0.0.rc2)
    null_logger (0.0.1)
    plek (1.7.0)
    rack (1.5.5)
    rack-cache (1.5.1)
      rack (>= 0.4)
    rack-test (0.6.3)
      rack (>= 1.0)
    rails (4.1.14.2)
      actionmailer (= 4.1.14.2)
      actionpack (= 4.1.14.2)
      actionview (= 4.1.14.2)
      activemodel (= 4.1.14.2)
      activerecord (= 4.1.14.2)
      activesupport (= 4.1.14.2)
      bundler (>= 1.3.0, < 2.0)
      railties (= 4.1.14.2)
      sprockets-rails (~> 2.0)
    railties (4.1.14.2)
      actionpack (= 4.1.14.2)
      activesupport (= 4.1.14.2)
      rake (>= 0.8.7)
      thor (>= 0.18.1, < 2.0)
    raindrops (0.15.0)
    rake (10.5.0)
    rest-client (1.8.0)
      http-cookie (>= 1.0.2, < 2.0)
      mime-types (>= 1.16, < 3.0)
      netrc (~> 0.7)
    rspec-core (2.14.8)
    rspec-expectations (2.14.5)
      diff-lcs (>= 1.1.3, < 2.0)
    rspec-mocks (2.14.6)
    rspec-rails (2.14.0)
      actionpack (>= 3.0)
      activesupport (>= 3.0)
      railties (>= 3.0)
      rspec-core (~> 2.14.0)
      rspec-expectations (~> 2.14.0)
      rspec-mocks (~> 2.14.0)
    safe_yaml (1.0.4)
    simplecov (0.11.1)
      docile (~> 1.1.0)
      json (~> 1.8)
      simplecov-html (~> 0.10.0)
    simplecov-html (0.10.0)
    simplecov-rcov (0.2.3)
      simplecov (>= 0.4.1)
    sprockets (3.5.2)
      concurrent-ruby (~> 1.0)
      rack (> 1, < 3)
    sprockets-rails (2.3.3)
      actionpack (>= 3.0)
      activesupport (>= 3.0)
      sprockets (>= 2.8, < 4.0)
    thor (0.19.1)
    thread_safe (0.3.5)
    tzinfo (1.2.2)
      thread_safe (~> 0.1)
    unf (0.1.4)
      unf_ext
    unf_ext (0.0.7.1)
    unicorn (4.6.3)
      kgio (~> 2.6)
      rack
      raindrops (~> 0.7)
    webmock (1.11.0)
      addressable (>= 2.2.7)
      crack (>= 0.3.2)
    xpath (2.0.0)
      nokogiri (~> 1.3)

PLATFORMS
  ruby

DEPENDENCIES
  airbrake (= 3.1.15)
  capybara (= 2.1.0)
  ci_reporter (= 1.9.0)
  gds-api-adapters (= 20.1.1)
  link_header (= 0.0.7)
  logstasher (= 0.4.8)
  minitest (= 5.5.1)
  plek (= 1.7.0)
  rails (= 4.1.14.2)
  rspec-rails (= 2.14.0)
  simplecov-rcov (= 0.2.3)
  unicorn (= 4.6.3)
  webmock (= 1.11.0)
